GEM
  remote: https://rubygems.org/
  specs:
    activemodel (3.2.12)
      activesupport (= 3.2.12)
      builder (~> 3.0.0)
    activeresource (3.2.12)
      activemodel (= 3.2.12)
      activesupport (= 3.2.12)
    activesupport (3.2.12)
      i18n (~> 0.6)
      multi_json (~> 1.0)
    asana (0.0.4)
      activeresource (~> 3.2.3)
    builder (3.0.4)
    i18n (0.6.2)
    multi_json (1.6.1)
    redis (3.0.2)

PLATFORMS
  ruby

DEPENDENCIES
  asana
  redis
